GEM
  remote: https://rubygems.org/
  specs:
    ffi (1.9.25)
    rack (2.0.5)
    rubyserial (0.5.0)
      ffi (~> 1.9, >= 1.9.3)
    sqlite3 (1.3.13)

PLATFORMS
  ruby

DEPENDENCIES
  rack
  rubyserial
  sqlite3

BUNDLED WITH
   1.16.1
